GEM
  remote: http://rubygems.org/
  specs:
    arrayfields (4.9.0)
    chronic (0.9.1)
    fattr (2.2.1)
    gosu_android (0.0.5)
    jruby-jars (1.7.4)
    main (5.2.0)
      arrayfields (>= 4.7.4)
      chronic (>= 0.6.2)
      fattr (>= 2.2.0)
      map (>= 5.1.0)
    map (6.5.1)
    rake (10.1.0)
    ruboto (0.13.0)
      jruby-jars
      main (>= 4.7.2)
      rake

PLATFORMS
  java

DEPENDENCIES
  gosu_android
  ruboto
